PATH
  remote: .
  specs:
    wordmove (0.1.0.rc)
      activesupport
      colored
      i18n
      photocopier
      rake
      thor

GEM
  remote: http://rubygems.org/
  specs:
    activesupport (3.2.9)
      i18n (~> 0.6)
      multi_json (~> 1.0)
    aruba (0.5.1)
      childprocess (~> 0.3.6)
      cucumber (>= 1.1.1)
      rspec-expectations (>= 2.7.0)
    builder (3.1.4)
    childprocess (0.3.6)
      ffi (~> 1.0, >= 1.0.6)
    colored (1.2)
    cucumber (1.2.1)
      builder (>= 2.1.2)
      diff-lcs (>= 1.1.3)
      gherkin (~> 2.11.0)
      json (>= 1.4.6)
    diff-lcs (1.1.3)
    escape (0.0.4)
    ffi (1.2.0)
    gherkin (2.11.5)
      json (>= 1.4.6)
    i18n (0.6.1)
    json (1.7.5)
    multi_json (1.4.0)
    net-scp (1.0.4)
      net-ssh (>= 1.99.1)
    net-ssh (2.6.2)
    net-ssh-gateway (1.1.0)
      net-ssh (>= 1.99.1)
    photocopier (0.0.4)
      activesupport
      escape
      i18n
      net-scp
      net-ssh
      net-ssh-gateway
    rake (10.0.2)
    rspec (2.12.0)
      rspec-core (~> 2.12.0)
      rspec-expectations (~> 2.12.0)
      rspec-mocks (~> 2.12.0)
    rspec-core (2.12.1)
    rspec-expectations (2.12.0)
      diff-lcs (~> 1.1.3)
    rspec-mocks (2.12.0)
    thor (0.16.0)

PLATFORMS
  ruby

DEPENDENCIES
  aruba
  cucumber
  rspec
  wordmove!
