PATH
  remote: .
  specs:
    wordmove (0.0.1)
      activesupport (~> 3.0.0)
      escape
      hashie
      i18n
      net-scp
      net-ssh
      paint
      rake
      thor

GEM
  remote: http://rubygems.org/
  specs:
    activesupport (3.0.11)
    aruba (0.4.7)
      childprocess (>= 0.2.2)
      cucumber (>= 1.1.1)
      ffi (= 1.0.9)
      rspec (>= 2.7.0)
    builder (3.0.0)
    childprocess (0.2.3)
      ffi (~> 1.0.6)
    cucumber (1.1.3)
      builder (>= 2.1.2)
      diff-lcs (>= 1.1.2)
      gherkin (~> 2.6.7)
      json (>= 1.4.6)
      term-ansicolor (>= 1.0.6)
    diff-lcs (1.1.3)
    escape (0.0.4)
    ffi (1.0.9)
    gherkin (2.6.8)
      json (>= 1.4.6)
    hashie (1.2.0)
    i18n (0.6.0)
    json (1.6.2)
    net-scp (1.0.4)
      net-ssh (>= 1.99.1)
    net-ssh (2.2.1)
    paint (0.8.3)
    rake (0.9.2.2)
    rspec (2.7.0)
      rspec-core (~> 2.7.0)
      rspec-expectations (~> 2.7.0)
      rspec-mocks (~> 2.7.0)
    rspec-core (2.7.1)
    rspec-expectations (2.7.0)
      diff-lcs (~> 1.1.2)
    rspec-mocks (2.7.0)
    term-ansicolor (1.0.7)
    thor (0.14.6)

PLATFORMS
  ruby

DEPENDENCIES
  aruba
  cucumber
  rspec
  wordmove!
